PATH
  remote: .
  specs:
    diff_match_patch (0.1.0)

GEM
  remote: https://rubygems.org/
  specs:

PLATFORMS
  ruby

DEPENDENCIES
  diff_match_patch!

CHECKSUMS
  diff_match_patch (0.1.0)

BUNDLED WITH
   2.7.1
