PATH
  remote: .
  specs:
    mail-smtp_pool (0.1.0)
      connection_pool (~> 2.0)
      mail (~> 2.8)

GEM
  remote: https://rubygems.org/
  specs:
    connection_pool (2.5.3)
    date (3.4.1)
    diff-lcs (1.6.2)
    mail (2.8.1)
      mini_mime (>= 0.1.1)
      net-imap
      net-pop
      net-smtp
    mini_mime (1.1.5)
    net-imap (0.5.9)
      date
      net-protocol
    net-pop (0.1.2)
      net-protocol
    net-protocol (0.2.2)
      timeout
    net-smtp (0.5.1)
      net-protocol
    rspec (3.10.0)
      rspec-core (~> 3.10.0)
      rspec-expectations (~> 3.10.0)
      rspec-mocks (~> 3.10.0)
    rspec-core (3.10.2)
      rspec-support (~> 3.10.0)
    rspec-expectations (3.10.2)
      diff-lcs (>= 1.2.0, < 2.0)
      rspec-support (~> 3.10.0)
    rspec-mocks (3.10.3)
      diff-lcs (>= 1.2.0, < 2.0)
      rspec-support (~> 3.10.0)
    rspec-support (3.10.3)
    timeout (0.4.3)

PLATFORMS
  ruby

DEPENDENCIES
  mail-smtp_pool!
  rspec (~> 3.10.0)

CHECKSUMS
  connection_pool (2.5.3) sha256=cfd74a82b9b094d1ce30c4f1a346da23ee19dc8a062a16a85f58eab1ced4305b
  date (3.4.1) sha256=bf268e14ef7158009bfeaec40b5fa3c7271906e88b196d958a89d4b408abe64f
  diff-lcs (1.6.2) sha256=9ae0d2cba7d4df3075fe8cd8602a8604993efc0dfa934cff568969efb1909962
  mail (2.8.1) sha256=ec3b9fadcf2b3755c78785cb17bc9a0ca9ee9857108a64b6f5cfc9c0b5bfc9ad
  mail-smtp_pool (0.1.0)
  mini_mime (1.1.5) sha256=8681b7e2e4215f2a159f9400b5816d85e9d8c6c6b491e96a12797e798f8bccef
  net-imap (0.5.9) sha256=d95905321e1bd9f294ffc7ff8697be218eee1ec96c8504c0960964d0a0be33fc
  net-pop (0.1.2) sha256=848b4e982013c15b2f0382792268763b748cce91c9e91e36b0f27ed26420dff3
  net-protocol (0.2.2) sha256=aa73e0cba6a125369de9837b8d8ef82a61849360eba0521900e2c3713aa162a8
  net-smtp (0.5.1) sha256=ed96a0af63c524fceb4b29b0d352195c30d82dd916a42f03c62a3a70e5b70736
  rspec (3.10.0) sha256=b870b43d49ae4a4e063b94976d2742b0854ec10458c425d569b5556ee5898ab7
  rspec-core (3.10.2) sha256=005659ce9dd356dd5d2acb4bcdcc5915291f4a312447b500af3b75aab564951b
  rspec-expectations (3.10.2) sha256=fa9fdf7e7bf2e5e5b3143b2b18fea05e209406d96b92a9a722753426931432e3
  rspec-mocks (3.10.3) sha256=d2f6f3d8b7569b1e846703d164cb23e24c7f530d38217fc06da2beaf6024260a
  rspec-support (3.10.3) sha256=65c88f8cbe579461f411097682e6402960eae327eef08e86ef581b8c609e4c5e
  timeout (0.4.3) sha256=9509f079b2b55fe4236d79633bd75e34c1c1e7e3fb4b56cb5fda61f80a0fe30e

BUNDLED WITH
   2.7.1
