PATH
  remote: .
  specs:
    activerecord-gitlab (0.2.0)
      activerecord (>= 7)

GEM
  remote: https://rubygems.org/
  specs:
    activemodel (7.1.5.1)
      activesupport (= 7.1.5.1)
    activerecord (7.1.5.1)
      activemodel (= 7.1.5.1)
      activesupport (= 7.1.5.1)
      timeout (>= 0.4.0)
    activesupport (7.1.5.1)
      base64
      benchmark (>= 0.3)
      bigdecimal
      concurrent-ruby (~> 1.0, >= 1.0.2)
      connection_pool (>= 2.2.5)
      drb
      i18n (>= 1.6, < 2)
      logger (>= 1.4.2)
      minitest (>= 5.1)
      mutex_m
      securerandom (>= 0.3)
      tzinfo (~> 2.0)
    ast (2.4.2)
    base64 (0.2.0)
    benchmark (0.4.0)
    bigdecimal (3.1.9)
    concurrent-ruby (1.2.2)
    connection_pool (2.5.3)
    diff-lcs (1.5.0)
    drb (2.2.1)
    gitlab-styles (10.1.0)
      rubocop (~> 1.50.2)
      rubocop-graphql (~> 0.18)
      rubocop-performance (~> 1.15)
      rubocop-rails (~> 2.17)
      rubocop-rspec (~> 2.22)
    i18n (1.13.0)
      concurrent-ruby (~> 1.0)
    json (2.6.3)
    logger (1.7.0)
    mini_portile2 (2.8.2)
    minitest (5.18.0)
    mutex_m (0.3.0)
    parallel (1.23.0)
    parser (3.2.2.3)
      ast (~> 2.4.1)
      racc
    racc (1.7.1)
    rack (3.1.8)
    rainbow (3.1.1)
    regexp_parser (2.8.1)
    rexml (3.3.9)
    rspec (3.12.0)
      rspec-core (~> 3.12.0)
      rspec-expectations (~> 3.12.0)
      rspec-mocks (~> 3.12.0)
    rspec-core (3.12.2)
      rspec-support (~> 3.12.0)
    rspec-expectations (3.12.3)
      diff-lcs (>= 1.2.0, < 2.0)
      rspec-support (~> 3.12.0)
    rspec-mocks (3.12.5)
      diff-lcs (>= 1.2.0, < 2.0)
      rspec-support (~> 3.12.0)
    rspec-support (3.12.0)
    rubocop (1.50.2)
      json (~> 2.3)
      parallel (~> 1.10)
      parser (>= 3.2.0.0)
      rainbow (>= 2.2.2, < 4.0)
      regexp_parser (>= 1.8, < 3.0)
      rexml (>= 3.2.5, < 4.0)
      rubocop-ast (>= 1.28.0, < 2.0)
      ruby-progressbar (~> 1.7)
      unicode-display_width (>= 2.4.0, < 3.0)
    rubocop-ast (1.29.0)
      parser (>= 3.2.1.0)
    rubocop-capybara (2.18.0)
      rubocop (~> 1.41)
    rubocop-factory_bot (2.23.1)
      rubocop (~> 1.33)
    rubocop-graphql (0.19.0)
      rubocop (>= 0.87, < 2)
    rubocop-performance (1.18.0)
      rubocop (>= 1.7.0, < 2.0)
      rubocop-ast (>= 0.4.0)
    rubocop-rails (2.20.2)
      activesupport (>= 4.2.0)
      rack (>= 1.1)
      rubocop (>= 1.33.0, < 2.0)
    rubocop-rspec (2.22.0)
      rubocop (~> 1.33)
      rubocop-capybara (~> 2.17)
      rubocop-factory_bot (~> 2.22)
    ruby-progressbar (1.13.0)
    securerandom (0.4.1)
    sqlite3 (1.6.3)
      mini_portile2 (~> 2.8.0)
    timeout (0.4.3)
    tzinfo (2.0.6)
      concurrent-ruby (~> 1.0)
    unicode-display_width (2.4.2)

PLATFORMS
  ruby

DEPENDENCIES
  activerecord (~> 7.1.5.1)
  activerecord-gitlab!
  gitlab-styles (~> 10.1.0)
  rspec (~> 3.12)
  rubocop (~> 1.50)
  rubocop-rspec (~> 2.22)
  sqlite3 (~> 1.6)

CHECKSUMS
  activemodel (7.1.5.1) sha256=74727466854a7fbdfe8f2702ca3112b23877500d4926bf7e02e921ad542191f1
  activerecord (7.1.5.1) sha256=f40ad1609bf33b9ba5bdc4e16d80a77b1517153234ceb413d31d635d7b91f1e3
  activerecord-gitlab (0.2.0)
  activesupport (7.1.5.1) sha256=9f0c482e473b9868cb3dfe3e9db549a3bd2302c02e4f595a5caac144a8c7cfb8
  ast (2.4.2) sha256=1e280232e6a33754cde542bc5ef85520b74db2aac73ec14acef453784447cc12
  base64 (0.2.0) sha256=0f25e9b21a02a0cc0cea8ef92b2041035d39350946e8789c562b2d1a3da01507
  benchmark (0.4.0) sha256=0f12f8c495545e3710c3e4f0480f63f06b4c842cc94cec7f33a956f5180e874a
  bigdecimal (3.1.9) sha256=2ffc742031521ad69c2dfc815a98e426a230a3d22aeac1995826a75dabfad8cc
  concurrent-ruby (1.2.2) sha256=3879119b8b75e3b62616acc256c64a134d0b0a7a9a3fcba5a233025bcde22c4f
  connection_pool (2.5.3) sha256=cfd74a82b9b094d1ce30c4f1a346da23ee19dc8a062a16a85f58eab1ced4305b
  diff-lcs (1.5.0) sha256=49b934001c8c6aedb37ba19daec5c634da27b318a7a3c654ae979d6ba1929b67
  drb (2.2.1) sha256=e9d472bf785f558b96b25358bae115646da0dbfd45107ad858b0bc0d935cb340
  gitlab-styles (10.1.0) sha256=f42745f5397d042fe24cf2d0eb56c995b37f9f43d8fb79b834d197a1cafdc84a
  i18n (1.13.0) sha256=1d24cacd941be578faa7fc5d537d573a3e76e2822ce7dffc0c71c41ba91e63fa
  json (2.6.3) sha256=86aaea16adf346a2b22743d88f8dcceeb1038843989ab93cda44b5176c845459
  logger (1.7.0) sha256=196edec7cc44b66cfb40f9755ce11b392f21f7967696af15d274dde7edff0203
  mini_portile2 (2.8.2) sha256=46b2d244cc6ff01a89bf61274690c09fdbdca47a84ae9eac39039e81231aee7c
  minitest (5.18.0) sha256=06f43aa0692ce3acf19cb5bc539ad2c6095ca3d2c7e5fbafc58a7d847e898745
  mutex_m (0.3.0) sha256=cfcb04ac16b69c4813777022fdceda24e9f798e48092a2b817eb4c0a782b0751
  parallel (1.23.0) sha256=27154713ad6ef32fa3dcb7788a721d6c07bca77e72443b4c6080a14145288c49
  parser (3.2.2.3) sha256=10685f358ab36ffea2252dc4952e5b8fad3a297a8152a85f59adc982747b91eb
  racc (1.7.1) sha256=af64124836fdd3c00e830703d7f873ea5deabde923f37006a39f5a5e0da16387
  rack (3.1.8) sha256=d3fbcbca43dc2b43c9c6d7dfbac01667ae58643c42cea10013d0da970218a1b1
  rainbow (3.1.1) sha256=039491aa3a89f42efa1d6dec2fc4e62ede96eb6acd95e52f1ad581182b79bc6a
  regexp_parser (2.8.1) sha256=83f63e2bfae3db38f988c66f114485140ff1791321fd827480bc75aa42cacb8c
  rexml (3.3.9) sha256=d71875b85299f341edf47d44df0212e7658cbdf35aeb69cefdb63f57af3137c9
  rspec (3.12.0) sha256=ccc41799a43509dc0be84070e3f0410ac95cbd480ae7b6c245543eb64162399c
  rspec-core (3.12.2) sha256=155b54480f28e2b2813185077fe435c2d663031616360ed3b179a9d6a55d2551
  rspec-expectations (3.12.3) sha256=093d18e2e7e0a2c619ef8f7343d442fc6c0793fb7897d56f16f26c8a9d244416
  rspec-mocks (3.12.5) sha256=82030d2bfa1e4eef0a2ee36af5d3d224672598912a3f3384f27cbba9fa09d5c1
  rspec-support (3.12.0) sha256=dd4d44b247ff679b95b5607ac5641d197a5f9b1d33f916123cb98fc5f917c58b
  rubocop (1.50.2) sha256=7cfeb0616f686ac61d049beae89f31446792d7e9f5728152657548f70aa78650
  rubocop-ast (1.29.0) sha256=d1da2ab279a074baefc81758ac430c5768a8da8c7438dd4e5819ce5984d00ba1
  rubocop-capybara (2.18.0) sha256=66b256755101f76dc455ba9694e2414bc957db5200401d204b00bc835401d605
  rubocop-factory_bot (2.23.1) sha256=c19ee30c02e591f4293c07e943e22b7999c545d5010aac4d79621ee310850c4f
  rubocop-graphql (0.19.0) sha256=ba4b2fc91c9f0fda47e0870a6ae15a1e5525d6caffcb150dc88b00caaacc3e43
  rubocop-performance (1.18.0) sha256=4c9d74f1b5bfaffb5b1cdb843279364198ac804e2644ae194615834dd011e02e
  rubocop-rails (2.20.2) sha256=d20cbd613900fa22bcf85a7fba78ab68b21fc4f90b1e73c97284d40674332417
  rubocop-rspec (2.22.0) sha256=2d7493222c81c78ad304ddd81aaf64b3543bcfac6d3d8706c220331921753a03
  ruby-progressbar (1.13.0) sha256=80fc9c47a9b640d6834e0dc7b3c94c9df37f08cb072b7761e4a71e22cff29b33
  securerandom (0.4.1) sha256=cc5193d414a4341b6e225f0cb4446aceca8e50d5e1888743fac16987638ea0b1
  sqlite3 (1.6.3) sha256=67b476378889b15c93f9b78d39f6d92636dda414194d570d3a1b27514a9e2541
  timeout (0.4.3) sha256=9509f079b2b55fe4236d79633bd75e34c1c1e7e3fb4b56cb5fda61f80a0fe30e
  tzinfo (2.0.6) sha256=8daf828cc77bcf7d63b0e3bdb6caa47e2272dcfaf4fbfe46f8c3a9df087a829b
  unicode-display_width (2.4.2) sha256=6a10205d1a19ca790c4e53064ba93f09d9eb234bf6bd135d9deb6001c21428be

BUNDLED WITH
   2.6.5
