PATH
  remote: .
  specs:
    microsoft_graph_mailer (0.1.0)
      mail (~> 2.7)
      oauth2 (>= 1.4.4, < 3)

GEM
  remote: https://rubygems.org/
  specs:
    actioncable (7.0.4)
      actionpack (= 7.0.4)
      activesupport (= 7.0.4)
      nio4r (~> 2.0)
      websocket-driver (>= 0.6.1)
    actionmailbox (7.0.4)
      actionpack (= 7.0.4)
      activejob (= 7.0.4)
      activerecord (= 7.0.4)
      activestorage (= 7.0.4)
      activesupport (= 7.0.4)
      mail (>= 2.7.1)
      net-imap
      net-pop
      net-smtp
    actionmailer (7.0.4)
      actionpack (= 7.0.4)
      actionview (= 7.0.4)
      activejob (= 7.0.4)
      activesupport (= 7.0.4)
      mail (~> 2.5, >= 2.5.4)
      net-imap
      net-pop
      net-smtp
      rails-dom-testing (~> 2.0)
    actionpack (7.0.4)
      actionview (= 7.0.4)
      activesupport (= 7.0.4)
      rack (~> 2.0, >= 2.2.0)
      rack-test (>= 0.6.3)
      rails-dom-testing (~> 2.0)
      rails-html-sanitizer (~> 1.0, >= 1.2.0)
    actiontext (7.0.4)
      actionpack (= 7.0.4)
      activerecord (= 7.0.4)
      activestorage (= 7.0.4)
      activesupport (= 7.0.4)
      globalid (>= 0.6.0)
      nokogiri (>= 1.8.5)
    actionview (7.0.4)
      activesupport (= 7.0.4)
      builder (~> 3.1)
      erubi (~> 1.4)
      rails-dom-testing (~> 2.0)
      rails-html-sanitizer (~> 1.1, >= 1.2.0)
    activejob (7.0.4)
      activesupport (= 7.0.4)
      globalid (>= 0.3.6)
    activemodel (7.0.4)
      activesupport (= 7.0.4)
    activerecord (7.0.4)
      activemodel (= 7.0.4)
      activesupport (= 7.0.4)
    activestorage (7.0.4)
      actionpack (= 7.0.4)
      activejob (= 7.0.4)
      activerecord (= 7.0.4)
      activesupport (= 7.0.4)
      marcel (~> 1.0)
      mini_mime (>= 1.1.0)
    activesupport (7.0.4)
      concurrent-ruby (~> 1.0, >= 1.0.2)
      i18n (>= 1.6, < 2)
      minitest (>= 5.1)
      tzinfo (~> 2.0)
    addressable (2.8.1)
      public_suffix (>= 2.0.2, < 6.0)
    builder (3.2.4)
    concurrent-ruby (1.1.10)
    crack (0.4.5)
      rexml
    crass (1.0.6)
    debug (1.6.2)
      irb (>= 1.3.6)
      reline (>= 0.3.1)
    diff-lcs (1.5.0)
    digest (3.1.0)
    erubi (1.11.0)
    faraday (2.5.2)
      faraday-net_http (>= 2.0, < 3.1)
      ruby2_keywords (>= 0.0.4)
    faraday-net_http (3.0.0)
    globalid (1.0.0)
      activesupport (>= 5.0)
    hashdiff (1.0.1)
    hashie (5.0.0)
    i18n (1.12.0)
      concurrent-ruby (~> 1.0)
    io-console (0.5.11)
    irb (1.4.1)
      reline (>= 0.3.0)
    jwt (2.5.0)
    loofah (2.19.0)
      crass (~> 1.0.2)
      nokogiri (>= 1.5.9)
    mail (2.7.1)
      mini_mime (>= 0.1.1)
    marcel (1.0.2)
    method_source (1.0.0)
    mini_mime (1.1.2)
    mini_portile2 (2.8.0)
    minitest (5.16.3)
    multi_xml (0.6.0)
    net-imap (0.2.3)
      digest
      net-protocol
      strscan
    net-pop (0.1.1)
      digest
      net-protocol
      timeout
    net-protocol (0.1.3)
      timeout
    net-smtp (0.3.1)
      digest
      net-protocol
      timeout
    nio4r (2.7.4)
    nokogiri (1.13.8)
      mini_portile2 (~> 2.8.0)
      racc (~> 1.4)
    oauth2 (2.0.8)
      faraday (>= 0.17.3, < 3.0)
      jwt (>= 1.0, < 3.0)
      multi_xml (~> 0.5)
      rack (>= 1.2, < 3)
      snaky_hash (~> 2.0)
      version_gem (~> 1.1)
    public_suffix (5.0.0)
    racc (1.6.0)
    rack (2.2.4)
    rack-test (2.0.2)
      rack (>= 1.3)
    rails (7.0.4)
      actioncable (= 7.0.4)
      actionmailbox (= 7.0.4)
      actionmailer (= 7.0.4)
      actionpack (= 7.0.4)
      actiontext (= 7.0.4)
      actionview (= 7.0.4)
      activejob (= 7.0.4)
      activemodel (= 7.0.4)
      activerecord (= 7.0.4)
      activestorage (= 7.0.4)
      activesupport (= 7.0.4)
      bundler (>= 1.15.0)
      railties (= 7.0.4)
    rails-dom-testing (2.0.3)
      activesupport (>= 4.2.0)
      nokogiri (>= 1.6)
    rails-html-sanitizer (1.4.3)
      loofah (~> 2.3)
    railties (7.0.4)
      actionpack (= 7.0.4)
      activesupport (= 7.0.4)
      method_source
      rake (>= 12.2)
      thor (~> 1.0)
      zeitwerk (~> 2.5)
    rake (13.0.6)
    reline (0.3.1)
      io-console (~> 0.5)
    rexml (3.2.5)
    rspec (3.11.0)
      rspec-core (~> 3.11.0)
      rspec-expectations (~> 3.11.0)
      rspec-mocks (~> 3.11.0)
    rspec-core (3.11.0)
      rspec-support (~> 3.11.0)
    rspec-expectations (3.11.1)
      diff-lcs (>= 1.2.0, < 2.0)
      rspec-support (~> 3.11.0)
    rspec-mocks (3.11.1)
      diff-lcs (>= 1.2.0, < 2.0)
      rspec-support (~> 3.11.0)
    rspec-support (3.11.1)
    ruby2_keywords (0.0.5)
    snaky_hash (2.0.0)
      hashie
      version_gem (~> 1.1)
    strscan (3.0.4)
    thor (1.2.1)
    timeout (0.3.0)
    tzinfo (2.0.5)
      concurrent-ruby (~> 1.0)
    version_gem (1.1.0)
    webmock (3.18.1)
      addressable (>= 2.8.0)
      crack (>= 0.3.2)
      hashdiff (>= 0.4.0, < 2.0.0)
    websocket-driver (0.7.5)
      websocket-extensions (>= 0.1.0)
    websocket-extensions (0.1.5)
    zeitwerk (2.6.0)

PLATFORMS
  ruby

DEPENDENCIES
  debug (>= 1.0.0)
  microsoft_graph_mailer!
  rails
  rspec (~> 3.11.0)
  webmock (~> 3.18.1)

CHECKSUMS
  actioncable (7.0.4) sha256=c7d67d18ddeb06d198ee0ccfcff3bcf888d42b5255e6e2b45f0dce557a2639c0
  actionmailbox (7.0.4) sha256=2af32de27ec2c7699425385f5f4ff4e66e2a7ec856179ade9734700bdec6784f
  actionmailer (7.0.4) sha256=f44ce4b348d77996170cc4ab6f49943073fd9ab43a4abb9a0baf092c53e34e86
  actionpack (7.0.4) sha256=355eb683d2b7913ce84ffd1aea4e292556d676e112a392508d5080a193b5002e
  actiontext (7.0.4) sha256=0d5cdd6dd4b59980dc06f99679964c0f72e6a48ce44dd8e3f79b45a959029813
  actionview (7.0.4) sha256=45e622b549304c986210064fd3ae6601e04c65f936901bcc4d0aacfcfa6ffd1b
  activejob (7.0.4) sha256=427815775d6f93bd33e6a21a67dbadb59a7a81d00b22153d4c082e9b9d3260c5
  activemodel (7.0.4) sha256=73e455768c206586cecb5aa5e157d6c299eebd1e704ae8fde1a0bbf7e6ee4a73
  activerecord (7.0.4) sha256=8406be2e6aa888de6066caa1a2722db5e3ed6dcf3313c8fd2cbd042bd0f0e51e
  activestorage (7.0.4) sha256=be0554ad49883028844c8456647ab0363c47b528ab51244a5a752db139a4bfa7
  activesupport (7.0.4) sha256=a0612ec7486de58fe2459d76f63b0d744856af5cb0170a1a12553b1247f86aa0
  addressable (2.8.1) sha256=bc724a176ef02118c8a3ed6b5c04c39cf59209607ffcce77b91d0261dbadedfa
  builder (3.2.4) sha256=99caf08af60c8d7f3a6b004029c4c3c0bdaebced6c949165fe98f1db27fbbc10
  concurrent-ruby (1.1.10) sha256=244cb1ca0d91ec2c15ca2209507c39fb163336994428e16fbd3f465c87bd8e68
  crack (0.4.5) sha256=798416fb29b8c9f655d139d5559169b39c4a0a3b8f8f39b7f670eec1af9b21b3
  crass (1.0.6) sha256=dc516022a56e7b3b156099abc81b6d2b08ea1ed12676ac7a5657617f012bd45d
  debug (1.6.2) sha256=098487b1166b816052a72447eeb382085b49108de19f8d3dde5c33094ce06687
  diff-lcs (1.5.0) sha256=49b934001c8c6aedb37ba19daec5c634da27b318a7a3c654ae979d6ba1929b67
  digest (3.1.0) sha256=69cc7c26adc807f7073e8fd02b9e1a772ead93c3b8290ee58142f8f5fafe7c03
  erubi (1.11.0) sha256=fda72d577feaf3bdcd646d33fa630be5f92f48e179a9278e4175a9cec20e7f85
  faraday (2.5.2) sha256=bd0e2f2ad04bb5d94baea75cc46cacae7cef046a261b9d2dfd1ebb2dd044d8a8
  faraday-net_http (3.0.0) sha256=7ccb3a1744fc32a53fc52d79b1b46406f93ad4fb060962f245aa15483fbd2c7a
  globalid (1.0.0) sha256=1253641b1dc3392721c964351773755d75135d3d3c5cc65d88b0a3880a60bed8
  hashdiff (1.0.1) sha256=2cd4d04f5080314ecc8403c4e2e00dbaa282dff395e2d031bc16c8d501bdd6db
  hashie (5.0.0) sha256=9d6c4e51f2a36d4616cbc8a322d619a162d8f42815a792596039fc95595603da
  i18n (1.12.0) sha256=91e3cc1b97616d308707eedee413d82ee021d751c918661fb82152793e64aced
  io-console (0.5.11) sha256=7e2418376fd185ad66e7aee2c58c207e9be0f2197aa89bc4c89931995cee3365
  irb (1.4.1) sha256=4a6698d9ab9de30ffd2def6fb17327f5d0fc089ace62337eff95396f379bf0a8
  jwt (2.5.0) sha256=b835fe55287572e1f65128d6c12d3ff7402bb4652c4565bf3ecdcb974db7954d
  loofah (2.19.0) sha256=302791371f473611e342f9e469e7f2fbf1155bb1b3a978a83ac7df625298feba
  mail (2.7.1) sha256=ec2a3d489f7510b90d8eaa3f6abaad7038cf1d663cdf8ee66d0214a0bdf99c03
  marcel (1.0.2) sha256=a013b677ef46cbcb49fd5c59b3d35803d2ee04dd75d8bfdc43533fc5a31f7e4e
  method_source (1.0.0) sha256=d779455a2b5666a079ce58577bfad8534f571af7cec8107f4dce328f0981dede
  microsoft_graph_mailer (0.1.0)
  mini_mime (1.1.2) sha256=a54aec0cc7438a03a850adb00daca2bdb60747f839e28186994df057cea87151
  mini_portile2 (2.8.0) sha256=1e06b286ff19b73cfc9193cb3dd2bd80416f8262443564b25b23baea74a05765
  minitest (5.16.3) sha256=60f81ad96ca5518e1457bd29eb826db60f86fbbdf8c05eac63b4824ef1f52614
  multi_xml (0.6.0) sha256=d24393cf958adb226db884b976b007914a89c53ad88718e25679d7008823ad52
  net-imap (0.2.3) sha256=76d58f0c4c17503636260cb5177000011205685a797a33692353a85ea74f87e6
  net-pop (0.1.1) sha256=ab27bb59b03dd44579be3f4190ebefbb075317763960e1eac70cb845fba09aea
  net-protocol (0.1.3) sha256=ad43e2be965ede676683c047b2c3d76762aa49a764779d98312a10da04622c14
  net-smtp (0.3.1) sha256=3af115c64d7aace0aa41f63a77f8e40707fd842a2de4bb24ebced6b4dd4465e8
  nio4r (2.7.4) sha256=d95dee68e0bb251b8ff90ac3423a511e3b784124e5db7ff5f4813a220ae73ca9
  nokogiri (1.13.8) sha256=79c279298b2f22fd4e760f49990c7930436bac1b1cfeff7bacff192f30edea3c
  oauth2 (2.0.8) sha256=cfa6448bac70764041deac27051e36adb7a1d203cf46f589d36018c8bf6f6700
  public_suffix (5.0.0) sha256=26ee4fbce33ada25eb117ac71f2c24bf4d8b3414ab6b34f05b4708a3e90f1c6b
  racc (1.6.0) sha256=2dede3b136eeabd0f7b8c9356b958b3d743c00158e2615acab431af141354551
  rack (2.2.4) sha256=ea2232b638cbd919129c8c8ad8012ecaccc09f848152a7e705d2139d0137ac2b
  rack-test (2.0.2) sha256=adadd0e957f63a34199a9fdf905a920a0b0a50795735095b4ac4bd3c13385466
  rails (7.0.4) sha256=e1d2dabe57de44b4baee978426aba811858c5e9ad0e258fc09157361937f5f31
  rails-dom-testing (2.0.3) sha256=b140c4f39f6e609c8113137b9a60dfc2ecb89864e496f87f23a68b3b8f12d8d1
  rails-html-sanitizer (1.4.3) sha256=2ebba6ad9a0b100f79fda853a46851e7664febe1728223f9734281e0d55940d6
  railties (7.0.4) sha256=5215a3b0a6510c2332d50476b46df8008aa1efaef8a4094e6f5a74f521a9cffa
  rake (13.0.6) sha256=5ce4bf5037b4196c24ac62834d8db1ce175470391026bd9e557d669beeb19097
  reline (0.3.1) sha256=b101d93607bf7564657f082f68abfa19ae939d14a709eff89be048eae2d7f4c7
  rexml (3.2.5) sha256=a33c3bf95fda7983ec7f05054f3a985af41dbc25a0339843bd2479e93cabb123
  rspec (3.11.0) sha256=8907f32e5c3095724e54c143e9cfc4df37079be349343dab9029becdb259bea5
  rspec-core (3.11.0) sha256=46317850396fea47e6793dd5a7606c0816aa38f5149f4cd5de308495b89b1085
  rspec-expectations (3.11.1) sha256=6c0dbc560a4aea8e058e3dc2633657725d9001d17ba01eb1582122a3ccfc2b50
  rspec-mocks (3.11.1) sha256=5537dc069afabcea5cbc199a1432a2772ba3a465f3233f40d04695daba7c6a1f
  rspec-support (3.11.1) sha256=f85f276a37e096b7bf6f308a96c59ba0a5398907f04942cede66cabc598c01b0
  ruby2_keywords (0.0.5) sha256=ffd13740c573b7301cf7a2e61fc857b2a8e3d3aff32545d6f8300d8bae10e3ef
  snaky_hash (2.0.0) sha256=fe8b2e39e8ff69320f7812af73ea06401579e29ff1734a7009567391600687de
  strscan (3.0.4) sha256=69aa3eff52435055fa8a409f839681edf1143debf80065899cdc97a64a053702
  thor (1.2.1) sha256=b1752153dc9c6b8d3fcaa665e9e1a00a3e73f28da5e238b81c404502e539d446
  timeout (0.3.0) sha256=628dbd24e31aa5f493349336614b2445e6f60125342a5bb81a720064d6489e01
  tzinfo (2.0.5) sha256=c5352fd901544d396745d013f46a04ae2ed081ce806d942099825b7c2b09a167
  version_gem (1.1.0) sha256=6b009518020db57f51ec7b410213fae2bf692baea9f1b51770db97fbc93d9a80
  webmock (3.18.1) sha256=54c955df4ae4bec6181dd266eeec632a1808288c633f9551d81bafb53921d2d7
  websocket-driver (0.7.5) sha256=a280c3f44dcbb0323d58bc78dc49350c05d589ab7d13267fcff08d9d5ae76b28
  websocket-extensions (0.1.5) sha256=1c6ba63092cda343eb53fc657110c71c754c56484aad42578495227d717a8241
  zeitwerk (2.6.0) sha256=6cb2ee4645c6e597640d6f2d8cc91a59a6699ab38896a5c3fac3eefeb5c84d76

BUNDLED WITH
   2.6.9
