PATH
  remote: .
  specs:
    ipynbdiff (0.4.8)
      diffy (~> 3.4)
      oj (~> 3.16, >= 3.16.10)

GEM
  remote: https://rubygems.org/
  specs:
    activesupport (7.0.8.7)
      concurrent-ruby (~> 1.0, >= 1.0.2)
      i18n (>= 1.6, < 2)
      minitest (>= 5.1)
      tzinfo (~> 2.0)
    ast (2.4.2)
    benchmark-memory (0.2.0)
      memory_profiler (~> 1)
    bigdecimal (3.1.9)
    binding_of_caller (1.0.0)
      debug_inspector (>= 0.0.1)
    coderay (1.1.3)
    concurrent-ruby (1.2.2)
    debug_inspector (1.1.0)
    diff-lcs (1.5.0)
    diffy (3.4.2)
    docile (1.4.0)
    gitlab-styles (10.1.0)
      rubocop (~> 1.50.2)
      rubocop-graphql (~> 0.18)
      rubocop-performance (~> 1.15)
      rubocop-rails (~> 2.17)
      rubocop-rspec (~> 2.22)
    i18n (1.14.1)
      concurrent-ruby (~> 1.0)
    json (2.6.3)
    memory_profiler (1.0.0)
    method_source (1.0.0)
    minitest (5.18.1)
    oj (3.16.10)
      bigdecimal (>= 3.0)
      ostruct (>= 0.2)
    ostruct (0.6.1)
    parallel (1.23.0)
    parser (3.2.2.3)
      ast (~> 2.4.1)
      racc
    proc_to_ast (0.1.0)
      coderay
      parser
      unparser
    pry (0.14.1)
      coderay (~> 1.1)
      method_source (~> 1.0)
    racc (1.7.1)
    rack (3.1.16)
    rainbow (3.1.1)
    rake (13.0.6)
    regexp_parser (2.8.1)
    rexml (3.3.9)
    rspec (3.11.0)
      rspec-core (~> 3.11.0)
      rspec-expectations (~> 3.11.0)
      rspec-mocks (~> 3.11.0)
    rspec-core (3.11.0)
      rspec-support (~> 3.11.0)
    rspec-expectations (3.11.0)
      diff-lcs (>= 1.2.0, < 2.0)
      rspec-support (~> 3.11.0)
    rspec-mocks (3.11.1)
      diff-lcs (>= 1.2.0, < 2.0)
      rspec-support (~> 3.11.0)
    rspec-parameterized (1.0.0)
      rspec-parameterized-core (< 2)
      rspec-parameterized-table_syntax (< 2)
    rspec-parameterized-core (1.0.0)
      parser
      proc_to_ast
      rspec (>= 2.13, < 4)
      unparser
    rspec-parameterized-table_syntax (1.0.0)
      binding_of_caller
      rspec-parameterized-core (< 2)
    rspec-support (3.11.0)
    rubocop (1.50.2)
      json (~> 2.3)
      parallel (~> 1.10)
      parser (>= 3.2.0.0)
      rainbow (>= 2.2.2, < 4.0)
      regexp_parser (>= 1.8, < 3.0)
      rexml (>= 3.2.5, < 4.0)
      rubocop-ast (>= 1.28.0, < 2.0)
      ruby-progressbar (~> 1.7)
      unicode-display_width (>= 2.4.0, < 3.0)
    rubocop-ast (1.29.0)
      parser (>= 3.2.1.0)
    rubocop-capybara (2.18.0)
      rubocop (~> 1.41)
    rubocop-factory_bot (2.23.1)
      rubocop (~> 1.33)
    rubocop-graphql (0.19.0)
      rubocop (>= 0.87, < 2)
    rubocop-performance (1.18.0)
      rubocop (>= 1.7.0, < 2.0)
      rubocop-ast (>= 0.4.0)
    rubocop-rails (2.20.2)
      activesupport (>= 4.2.0)
      rack (>= 1.1)
      rubocop (>= 1.33.0, < 2.0)
    rubocop-rspec (2.22.0)
      rubocop (~> 1.33)
      rubocop-capybara (~> 2.17)
      rubocop-factory_bot (~> 2.22)
    ruby-progressbar (1.13.0)
    simplecov (0.22.0)
      docile (~> 1.1)
      simplecov-html (~> 0.11)
      simplecov_json_formatter (~> 0.1)
    simplecov-html (0.12.3)
    simplecov_json_formatter (0.1.4)
    tzinfo (2.0.6)
      concurrent-ruby (~> 1.0)
    unicode-display_width (2.4.2)
    unparser (0.6.8)
      diff-lcs (~> 1.3)
      parser (>= 3.2.0)

PLATFORMS
  ruby

DEPENDENCIES
  benchmark-memory (~> 0.2.0)
  bundler (~> 2.2)
  gitlab-styles (~> 10.1.0)
  ipynbdiff!
  pry (~> 0.14)
  rake (~> 13.0)
  rspec (~> 3.10)
  rspec-parameterized (~> 1.0)
  simplecov (~> 0.22.0)

CHECKSUMS
  activesupport (7.0.8.7) sha256=df4702375de924aae81709c831605317c5417f0bd9e502a0373ff84a067204ff
  ast (2.4.2) sha256=1e280232e6a33754cde542bc5ef85520b74db2aac73ec14acef453784447cc12
  benchmark-memory (0.2.0) sha256=ca1e436433b09535ee8f64f80600a5edb407cff1f6ac70e089ca238118e6ab5c
  bigdecimal (3.1.9) sha256=2ffc742031521ad69c2dfc815a98e426a230a3d22aeac1995826a75dabfad8cc
  binding_of_caller (1.0.0) sha256=3aad25d1d538fc6e7972978f9bf512ccd992784009947c81633bea776713161d
  coderay (1.1.3) sha256=dc530018a4684512f8f38143cd2a096c9f02a1fc2459edcfe534787a7fc77d4b
  concurrent-ruby (1.2.2) sha256=3879119b8b75e3b62616acc256c64a134d0b0a7a9a3fcba5a233025bcde22c4f
  debug_inspector (1.1.0) sha256=eaa5a2d0195e1d65fb4164e8e7e466cca2e7eb53bc5e608cf12b8bf02c3a8606
  diff-lcs (1.5.0) sha256=49b934001c8c6aedb37ba19daec5c634da27b318a7a3c654ae979d6ba1929b67
  diffy (3.4.2) sha256=36b42ffbe5138ddc56182107c24ad8d6b066ecfd2876829f391e3a4993d89ae1
  docile (1.4.0) sha256=5f1734bde23721245c20c3d723e76c104208e1aa01277a69901ce770f0ebb8d3
  gitlab-styles (10.1.0) sha256=f42745f5397d042fe24cf2d0eb56c995b37f9f43d8fb79b834d197a1cafdc84a
  i18n (1.14.1) sha256=9d03698903547c060928e70a9bc8b6b87fda674453cda918fc7ab80235ae4a61
  ipynbdiff (0.4.8)
  json (2.6.3) sha256=86aaea16adf346a2b22743d88f8dcceeb1038843989ab93cda44b5176c845459
  memory_profiler (1.0.0) sha256=fbb8c010822f79dd3f346f79297eeb8f1dc25c1c9e8dd9db8694649f82531869
  method_source (1.0.0) sha256=d779455a2b5666a079ce58577bfad8534f571af7cec8107f4dce328f0981dede
  minitest (5.18.1) sha256=ab5ee381871aaddc3a6aa2a6abcab5c4590fec9affc20947d63f312a0fe4e9cd
  oj (3.16.10) sha256=7f26bed974e331e16d579b470b0865010757f6fe6ee30ea9b67df653fbe13d7c
  ostruct (0.6.1) sha256=09a3fb7ecc1fa4039f25418cc05ae9c82bd520472c5c6a6f515f03e4988cb817
  parallel (1.23.0) sha256=27154713ad6ef32fa3dcb7788a721d6c07bca77e72443b4c6080a14145288c49
  parser (3.2.2.3) sha256=10685f358ab36ffea2252dc4952e5b8fad3a297a8152a85f59adc982747b91eb
  proc_to_ast (0.1.0) sha256=92a73fa66e2250a83f8589f818b0751bcf227c68f85916202df7af85082f8691
  pry (0.14.1) sha256=99b6df0665875dd5a39d85e0150aa5a12e2bb4fef401b6c4f64d32ee502f8454
  racc (1.7.1) sha256=af64124836fdd3c00e830703d7f873ea5deabde923f37006a39f5a5e0da16387
  rack (3.1.16) sha256=efb5606c351efc56b85b10c3493055d0d35209d23f44792ec4e1183eb0234635
  rainbow (3.1.1) sha256=039491aa3a89f42efa1d6dec2fc4e62ede96eb6acd95e52f1ad581182b79bc6a
  rake (13.0.6) sha256=5ce4bf5037b4196c24ac62834d8db1ce175470391026bd9e557d669beeb19097
  regexp_parser (2.8.1) sha256=83f63e2bfae3db38f988c66f114485140ff1791321fd827480bc75aa42cacb8c
  rexml (3.3.9) sha256=d71875b85299f341edf47d44df0212e7658cbdf35aeb69cefdb63f57af3137c9
  rspec (3.11.0) sha256=8907f32e5c3095724e54c143e9cfc4df37079be349343dab9029becdb259bea5
  rspec-core (3.11.0) sha256=46317850396fea47e6793dd5a7606c0816aa38f5149f4cd5de308495b89b1085
  rspec-expectations (3.11.0) sha256=a3c0859805bdfd88bef90bf050cbb4a04f01fe9e0ad24e5b77571e1abd823100
  rspec-mocks (3.11.1) sha256=5537dc069afabcea5cbc199a1432a2772ba3a465f3233f40d04695daba7c6a1f
  rspec-parameterized (1.0.0) sha256=9c07b043c72afbd23dd9a1dd48c06f46bc2fb1a6d875c6703e254932ba28b386
  rspec-parameterized-core (1.0.0) sha256=287b494985e79821160af63aba4f91db8dbfa9a21cb200db34ba38f40e16ccc1
  rspec-parameterized-table_syntax (1.0.0) sha256=d7df951eff9c5dd367ca7d5f9ae4853bb7ab7941f9d5b35bba361d112704988c
  rspec-support (3.11.0) sha256=03284a86b74afbbdeff6c3dc19ac2e0fe650453a96b89f860d459ca3e825d375
  rubocop (1.50.2) sha256=7cfeb0616f686ac61d049beae89f31446792d7e9f5728152657548f70aa78650
  rubocop-ast (1.29.0) sha256=d1da2ab279a074baefc81758ac430c5768a8da8c7438dd4e5819ce5984d00ba1
  rubocop-capybara (2.18.0) sha256=66b256755101f76dc455ba9694e2414bc957db5200401d204b00bc835401d605
  rubocop-factory_bot (2.23.1) sha256=c19ee30c02e591f4293c07e943e22b7999c545d5010aac4d79621ee310850c4f
  rubocop-graphql (0.19.0) sha256=ba4b2fc91c9f0fda47e0870a6ae15a1e5525d6caffcb150dc88b00caaacc3e43
  rubocop-performance (1.18.0) sha256=4c9d74f1b5bfaffb5b1cdb843279364198ac804e2644ae194615834dd011e02e
  rubocop-rails (2.20.2) sha256=d20cbd613900fa22bcf85a7fba78ab68b21fc4f90b1e73c97284d40674332417
  rubocop-rspec (2.22.0) sha256=2d7493222c81c78ad304ddd81aaf64b3543bcfac6d3d8706c220331921753a03
  ruby-progressbar (1.13.0) sha256=80fc9c47a9b640d6834e0dc7b3c94c9df37f08cb072b7761e4a71e22cff29b33
  simplecov (0.22.0) sha256=fe2622c7834ff23b98066bb0a854284b2729a569ac659f82621fc22ef36213a5
  simplecov-html (0.12.3) sha256=4b1aad33259ffba8b29c6876c12db70e5750cb9df829486e4c6e5da4fa0aa07b
  simplecov_json_formatter (0.1.4) sha256=529418fbe8de1713ac2b2d612aa3daa56d316975d307244399fa4838c601b428
  tzinfo (2.0.6) sha256=8daf828cc77bcf7d63b0e3bdb6caa47e2272dcfaf4fbfe46f8c3a9df087a829b
  unicode-display_width (2.4.2) sha256=6a10205d1a19ca790c4e53064ba93f09d9eb234bf6bd135d9deb6001c21428be
  unparser (0.6.8) sha256=38262636be6aed919586eca4334140eb08c06bc5978e66e4693103384733c13c

BUNDLED WITH
   2.6.5
