PATH
  remote: .
  specs:
    omniauth-salesforce (1.0.5)
      omniauth (~> 2.0)
      omniauth-oauth2 (~> 1.0)

GEM
  remote: https://rubygems.org/
  specs:
    addressable (2.8.1)
      public_suffix (>= 2.0.2, < 6.0)
    coderay (1.1.3)
    crack (0.4.5)
      rexml
    diff-lcs (1.5.0)
    docile (1.4.0)
    faraday (2.5.2)
      faraday-net_http (>= 2.0, < 3.1)
      ruby2_keywords (>= 0.0.4)
    faraday-net_http (3.0.0)
    ffi (1.15.5)
    formatador (1.1.0)
    growl (1.0.3)
    guard (2.18.0)
      formatador (>= 0.2.4)
      listen (>= 2.7, < 4.0)
      lumberjack (>= 1.0.12, < 2.0)
      nenv (~> 0.1)
      notiffany (~> 0.0)
      pry (>= 0.13.0)
      shellany (~> 0.0)
      thor (>= 0.18.1)
    guard-bundler (3.0.0)
      bundler (>= 2.1, < 3)
      guard (~> 2.2)
      guard-compat (~> 1.1)
    guard-compat (1.2.1)
    guard-rspec (4.7.3)
      guard (~> 2.1)
      guard-compat (~> 1.1)
      rspec (>= 2.99.0, < 4.0)
    hashdiff (1.0.1)
    hashie (5.0.0)
    jwt (2.4.1)
    listen (3.7.1)
      rb-fsevent (~> 0.10, >= 0.10.3)
      rb-inotify (~> 0.9, >= 0.9.10)
    lumberjack (1.2.8)
    method_source (1.0.0)
    multi_xml (0.6.0)
    nenv (0.3.0)
    notiffany (0.1.3)
      nenv (~> 0.1)
      shellany (~> 0.0)
    oauth2 (2.0.3)
      faraday (>= 0.17.3, < 3.0)
      jwt (>= 1.0, < 3.0)
      multi_xml (~> 0.5)
      rack (>= 1.2, < 3)
      rash_alt (>= 0.4, < 1)
      version_gem (~> 1.0)
    omniauth (2.1.0)
      hashie (>= 3.4.6)
      rack (>= 2.2.3)
      rack-protection
    omniauth-oauth2 (1.7.3)
      oauth2 (>= 1.4, < 3)
      omniauth (>= 1.9, < 3)
    pry (0.14.1)
      coderay (~> 1.1)
      method_source (~> 1.0)
    public_suffix (5.0.0)
    rack (2.2.4)
    rack-protection (2.2.2)
      rack
    rack-test (2.0.2)
      rack (>= 1.3)
    rash_alt (0.4.12)
      hashie (>= 3.4)
    rb-fsevent (0.11.1)
    rb-inotify (0.10.1)
      ffi (~> 1.0)
    rexml (3.2.5)
    rspec (3.12.0)
      rspec-core (~> 3.12.0)
      rspec-expectations (~> 3.12.0)
      rspec-mocks (~> 3.12.0)
    rspec-core (3.12.2)
      rspec-support (~> 3.12.0)
    rspec-expectations (3.12.3)
      diff-lcs (>= 1.2.0, < 2.0)
      rspec-support (~> 3.12.0)
    rspec-mocks (3.12.5)
      diff-lcs (>= 1.2.0, < 2.0)
      rspec-support (~> 3.12.0)
    rspec-support (3.12.0)
    ruby2_keywords (0.0.5)
    shellany (0.0.1)
    simplecov (0.21.2)
      docile (~> 1.1)
      simplecov-html (~> 0.11)
      simplecov_json_formatter (~> 0.1)
    simplecov-html (0.12.3)
    simplecov_json_formatter (0.1.4)
    thor (1.2.1)
    version_gem (1.1.0)
    webmock (3.18.1)
      addressable (>= 2.8.0)
      crack (>= 0.3.2)
      hashdiff (>= 0.4.0, < 2.0.0)

PLATFORMS
  ruby

DEPENDENCIES
  growl
  guard
  guard-bundler
  guard-rspec
  omniauth-salesforce!
  rack-test
  rb-fsevent
  rspec (~> 3.1)
  simplecov
  webmock

CHECKSUMS
  addressable (2.8.1) sha256=bc724a176ef02118c8a3ed6b5c04c39cf59209607ffcce77b91d0261dbadedfa
  coderay (1.1.3) sha256=dc530018a4684512f8f38143cd2a096c9f02a1fc2459edcfe534787a7fc77d4b
  crack (0.4.5) sha256=798416fb29b8c9f655d139d5559169b39c4a0a3b8f8f39b7f670eec1af9b21b3
  diff-lcs (1.5.0) sha256=49b934001c8c6aedb37ba19daec5c634da27b318a7a3c654ae979d6ba1929b67
  docile (1.4.0) sha256=5f1734bde23721245c20c3d723e76c104208e1aa01277a69901ce770f0ebb8d3
  faraday (2.5.2) sha256=bd0e2f2ad04bb5d94baea75cc46cacae7cef046a261b9d2dfd1ebb2dd044d8a8
  faraday-net_http (3.0.0) sha256=7ccb3a1744fc32a53fc52d79b1b46406f93ad4fb060962f245aa15483fbd2c7a
  ffi (1.15.5) sha256=6f2ed2fa68047962d6072b964420cba91d82ce6fa8ee251950c17fca6af3c2a0
  formatador (1.1.0) sha256=54e23e2af4d60bb9327c7fac62b29968e4cf28cee0111f726d0bdeadc85e06d0
  growl (1.0.3) sha256=c926f6fa77800a1cfab1c0a9e4c3608c93b5619145062cf6ba545949553d1e68
  guard (2.18.0) sha256=12f2b801a0c8d41e7480ab5c2c4283e439fbe0ac7574a0da1dee82ec484a1eff
  guard-bundler (3.0.0) sha256=c59d0bf0f65e6f800e4bbeb26b89a7b45cd4f17c170d67c50a8f3a097446ce9c
  guard-compat (1.2.1) sha256=3ad21ab0070107f92edfd82610b5cdc2fb8e368851e72362ada9703443d646fe
  guard-rspec (4.7.3) sha256=a47ba03cbd1e3c71e6ae8645cea97e203098a248aede507461a43e906e2f75ca
  hashdiff (1.0.1) sha256=2cd4d04f5080314ecc8403c4e2e00dbaa282dff395e2d031bc16c8d501bdd6db
  hashie (5.0.0) sha256=9d6c4e51f2a36d4616cbc8a322d619a162d8f42815a792596039fc95595603da
  jwt (2.4.1) sha256=26efede44336b2d46627dcf6bfda9c2c1c482ee46ccb8c71a8ebb402713853d3
  listen (3.7.1) sha256=3b80caa7aa77fae836916c2f9e3fbcafbd15f5d695dd487c1f5b5e7e465efe29
  lumberjack (1.2.8) sha256=48ad39dd8869e8f16c18c4acdc90c14658d8684c035da1f74bec7a38c45afe1a
  method_source (1.0.0) sha256=d779455a2b5666a079ce58577bfad8534f571af7cec8107f4dce328f0981dede
  multi_xml (0.6.0) sha256=d24393cf958adb226db884b976b007914a89c53ad88718e25679d7008823ad52
  nenv (0.3.0) sha256=d9de6d8fb7072228463bf61843159419c969edb34b3cef51832b516ae7972765
  notiffany (0.1.3) sha256=d37669605b7f8dcb04e004e6373e2a780b98c776f8eb503ac9578557d7808738
  oauth2 (2.0.3) sha256=b343d8665a936b4223b335b38f8640134ce14e07c540b8d17e8bbac0b4e5c41b
  omniauth (2.1.0) sha256=bff7234f5ec9323622b217c7f26d52f850de0b0e2b8c807c3358fc79fe572300
  omniauth-oauth2 (1.7.3) sha256=3f5a8f99fa72e0f91d2abd7475ceb972a4ae67ed59e049f314c0c1bad81f4745
  omniauth-salesforce (1.0.5)
  pry (0.14.1) sha256=99b6df0665875dd5a39d85e0150aa5a12e2bb4fef401b6c4f64d32ee502f8454
  public_suffix (5.0.0) sha256=26ee4fbce33ada25eb117ac71f2c24bf4d8b3414ab6b34f05b4708a3e90f1c6b
  rack (2.2.4) sha256=ea2232b638cbd919129c8c8ad8012ecaccc09f848152a7e705d2139d0137ac2b
  rack-protection (2.2.2) sha256=fd41414dbabbec274af0bdb1f72a48504449de4d979782c9af38cbb5dfff3299
  rack-test (2.0.2) sha256=adadd0e957f63a34199a9fdf905a920a0b0a50795735095b4ac4bd3c13385466
  rash_alt (0.4.12) sha256=1d4a6dd5b8fdcecc6b777c0b924dbf31c125ddd8d805e72dc9359db8324e1607
  rb-fsevent (0.11.1) sha256=d585e0211cacbb793b4444e911212b3733f7dfb1c3016cb6c5fcacd8f7058519
  rb-inotify (0.10.1) sha256=050062d4f31d307cca52c3f6a7f4b946df8de25fc4bd373e1a5142e41034a7ca
  rexml (3.2.5) sha256=a33c3bf95fda7983ec7f05054f3a985af41dbc25a0339843bd2479e93cabb123
  rspec (3.12.0) sha256=ccc41799a43509dc0be84070e3f0410ac95cbd480ae7b6c245543eb64162399c
  rspec-core (3.12.2) sha256=155b54480f28e2b2813185077fe435c2d663031616360ed3b179a9d6a55d2551
  rspec-expectations (3.12.3) sha256=093d18e2e7e0a2c619ef8f7343d442fc6c0793fb7897d56f16f26c8a9d244416
  rspec-mocks (3.12.5) sha256=82030d2bfa1e4eef0a2ee36af5d3d224672598912a3f3384f27cbba9fa09d5c1
  rspec-support (3.12.0) sha256=dd4d44b247ff679b95b5607ac5641d197a5f9b1d33f916123cb98fc5f917c58b
  ruby2_keywords (0.0.5) sha256=ffd13740c573b7301cf7a2e61fc857b2a8e3d3aff32545d6f8300d8bae10e3ef
  shellany (0.0.1) sha256=0e127a9132698766d7e752e82cdac8250b6adbd09e6c0a7fbbb6f61964fedee7
  simplecov (0.21.2) sha256=990db6aedb55086d6bf8874993ff1f796e4830abfa11937468ca502a0d013bc3
  simplecov-html (0.12.3) sha256=4b1aad33259ffba8b29c6876c12db70e5750cb9df829486e4c6e5da4fa0aa07b
  simplecov_json_formatter (0.1.4) sha256=529418fbe8de1713ac2b2d612aa3daa56d316975d307244399fa4838c601b428
  thor (1.2.1) sha256=b1752153dc9c6b8d3fcaa665e9e1a00a3e73f28da5e238b81c404502e539d446
  version_gem (1.1.0) sha256=6b009518020db57f51ec7b410213fae2bf692baea9f1b51770db97fbc93d9a80
  webmock (3.18.1) sha256=54c955df4ae4bec6181dd266eeec632a1808288c633f9551d81bafb53921d2d7

BUNDLED WITH
   2.7.1
