PATH
  remote: .
  specs:
    omniauth-gitlab (4.0.0)
      omniauth (~> 2.0)
      omniauth-oauth2 (~> 1.8)

GEM
  remote: https://rubygems.org/
  specs:
    diff-lcs (1.5.0)
    docile (1.4.0)
    faraday (2.3.0)
      faraday-net_http (~> 2.0)
      ruby2_keywords (>= 0.0.4)
    faraday-net_http (2.0.3)
    hashie (5.0.0)
    jwt (2.4.1)
    multi_xml (0.6.0)
    oauth2 (2.0.1)
      faraday (>= 0.17.3, < 3.0)
      jwt (>= 1.0, < 3.0)
      multi_xml (~> 0.5)
      rack (>= 1.2, < 3)
      rash_alt (>= 0.4, < 1)
      version_gem (~> 1.0)
    omniauth (2.1.0)
      hashie (>= 3.4.6)
      rack (>= 2.2.3)
      rack-protection
    omniauth-oauth2 (1.8.0)
      oauth2 (>= 1.4, < 3)
      omniauth (~> 2.0)
    rack (2.2.4)
    rack-protection (2.2.2)
      rack
    rake (13.0.6)
    rash_alt (0.4.12)
      hashie (>= 3.4)
    rspec (3.11.0)
      rspec-core (~> 3.11.0)
      rspec-expectations (~> 3.11.0)
      rspec-mocks (~> 3.11.0)
    rspec-core (3.11.0)
      rspec-support (~> 3.11.0)
    rspec-expectations (3.11.0)
      diff-lcs (>= 1.2.0, < 2.0)
      rspec-support (~> 3.11.0)
    rspec-its (1.3.0)
      rspec-core (>= 3.0.0)
      rspec-expectations (>= 3.0.0)
    rspec-mocks (3.11.1)
      diff-lcs (>= 1.2.0, < 2.0)
      rspec-support (~> 3.11.0)
    rspec-support (3.11.0)
    ruby2_keywords (0.0.5)
    simplecov (0.21.2)
      docile (~> 1.1)
      simplecov-html (~> 0.11)
      simplecov_json_formatter (~> 0.1)
    simplecov-html (0.12.3)
    simplecov_json_formatter (0.1.4)
    version_gem (1.0.0)

PLATFORMS
  ruby

DEPENDENCIES
  omniauth-gitlab!
  rake (>= 12.0)
  rspec (~> 3.1)
  rspec-its (~> 1.0)
  simplecov

CHECKSUMS
  diff-lcs (1.5.0) sha256=49b934001c8c6aedb37ba19daec5c634da27b318a7a3c654ae979d6ba1929b67
  docile (1.4.0) sha256=5f1734bde23721245c20c3d723e76c104208e1aa01277a69901ce770f0ebb8d3
  faraday (2.3.0) sha256=53382490743a40d6551bfc7d7b4bc681cf21068cf74e8f76319ce5cd53d27de7
  faraday-net_http (2.0.3) sha256=66514e7a7d8277fe0ae9f3bf3ca4dae28ee1c0d8cc587f412b0aaf19a5656fd5
  hashie (5.0.0) sha256=9d6c4e51f2a36d4616cbc8a322d619a162d8f42815a792596039fc95595603da
  jwt (2.4.1) sha256=26efede44336b2d46627dcf6bfda9c2c1c482ee46ccb8c71a8ebb402713853d3
  multi_xml (0.6.0) sha256=d24393cf958adb226db884b976b007914a89c53ad88718e25679d7008823ad52
  oauth2 (2.0.1) sha256=2822365d4c04c37eea4e6ab1410d82482aa8b93603f45001db70de196a430c4e
  omniauth (2.1.0) sha256=bff7234f5ec9323622b217c7f26d52f850de0b0e2b8c807c3358fc79fe572300
  omniauth-gitlab (4.0.0)
  omniauth-oauth2 (1.8.0) sha256=b2f8e9559cc7e2d4efba57607691d6d2b634b879fc5b5b6ccfefa3da85089e78
  rack (2.2.4) sha256=ea2232b638cbd919129c8c8ad8012ecaccc09f848152a7e705d2139d0137ac2b
  rack-protection (2.2.2) sha256=fd41414dbabbec274af0bdb1f72a48504449de4d979782c9af38cbb5dfff3299
  rake (13.0.6) sha256=5ce4bf5037b4196c24ac62834d8db1ce175470391026bd9e557d669beeb19097
  rash_alt (0.4.12) sha256=1d4a6dd5b8fdcecc6b777c0b924dbf31c125ddd8d805e72dc9359db8324e1607
  rspec (3.11.0) sha256=8907f32e5c3095724e54c143e9cfc4df37079be349343dab9029becdb259bea5
  rspec-core (3.11.0) sha256=46317850396fea47e6793dd5a7606c0816aa38f5149f4cd5de308495b89b1085
  rspec-expectations (3.11.0) sha256=a3c0859805bdfd88bef90bf050cbb4a04f01fe9e0ad24e5b77571e1abd823100
  rspec-its (1.3.0) sha256=4da51040e7820daafd40f2f6216d13c90aa949f0d302a0412c9ef6074e73ea97
  rspec-mocks (3.11.1) sha256=5537dc069afabcea5cbc199a1432a2772ba3a465f3233f40d04695daba7c6a1f
  rspec-support (3.11.0) sha256=03284a86b74afbbdeff6c3dc19ac2e0fe650453a96b89f860d459ca3e825d375
  ruby2_keywords (0.0.5) sha256=ffd13740c573b7301cf7a2e61fc857b2a8e3d3aff32545d6f8300d8bae10e3ef
  simplecov (0.21.2) sha256=990db6aedb55086d6bf8874993ff1f796e4830abfa11937468ca502a0d013bc3
  simplecov-html (0.12.3) sha256=4b1aad33259ffba8b29c6876c12db70e5750cb9df829486e4c6e5da4fa0aa07b
  simplecov_json_formatter (0.1.4) sha256=529418fbe8de1713ac2b2d612aa3daa56d316975d307244399fa4838c601b428
  version_gem (1.0.0) sha256=929c93a4d46482bb3b0359980c7a5fb1b5a833548f1202a480b08a6f0a5f8f2f

BUNDLED WITH
   2.7.1
