PATH
  remote: ../activerecord-gitlab
  specs:
    activerecord-gitlab (0.2.0)
      activerecord (>= 7)

PATH
  remote: ../gitlab-rspec
  specs:
    gitlab-rspec (0.1.0)
      activerecord (>= 6.1, < 8)
      activesupport (>= 6.1, < 8)
      rspec (~> 3.0)

PATH
  remote: ../gitlab-safe_request_store
  specs:
    gitlab-safe_request_store (0.1.0)
      rack (~> 2.2.8)
      request_store

PATH
  remote: ../gitlab-utils
  specs:
    gitlab-utils (0.1.0)
      actionview (>= 6.1.7.2)
      activesupport (>= 6.1.7.2)
      addressable (~> 2.8)
      rake (~> 13.0)

PATH
  remote: .
  specs:
    gitlab-database-load_balancing (0.1.0)
      gitlab-net-dns (~> 0.9.2)
      pg (~> 1.5.4)
      rails (>= 7)

GEM
  remote: https://rubygems.org/
  specs:
    actioncable (7.0.8.7)
      actionpack (= 7.0.8.7)
      activesupport (= 7.0.8.7)
      nio4r (~> 2.0)
      websocket-driver (>= 0.6.1)
    actionmailbox (7.0.8.7)
      actionpack (= 7.0.8.7)
      activejob (= 7.0.8.7)
      activerecord (= 7.0.8.7)
      activestorage (= 7.0.8.7)
      activesupport (= 7.0.8.7)
      mail (>= 2.7.1)
      net-imap
      net-pop
      net-smtp
    actionmailer (7.0.8.7)
      actionpack (= 7.0.8.7)
      actionview (= 7.0.8.7)
      activejob (= 7.0.8.7)
      activesupport (= 7.0.8.7)
      mail (~> 2.5, >= 2.5.4)
      net-imap
      net-pop
      net-smtp
      rails-dom-testing (~> 2.0)
    actionpack (7.0.8.7)
      actionview (= 7.0.8.7)
      activesupport (= 7.0.8.7)
      rack (~> 2.0, >= 2.2.4)
      rack-test (>= 0.6.3)
      rails-dom-testing (~> 2.0)
      rails-html-sanitizer (~> 1.0, >= 1.2.0)
    actiontext (7.0.8.7)
      actionpack (= 7.0.8.7)
      activerecord (= 7.0.8.7)
      activestorage (= 7.0.8.7)
      activesupport (= 7.0.8.7)
      globalid (>= 0.6.0)
      nokogiri (>= 1.8.5)
    actionview (7.0.8.7)
      activesupport (= 7.0.8.7)
      builder (~> 3.1)
      erubi (~> 1.4)
      rails-dom-testing (~> 2.0)
      rails-html-sanitizer (~> 1.1, >= 1.2.0)
    activejob (7.0.8.7)
      activesupport (= 7.0.8.7)
      globalid (>= 0.3.6)
    activemodel (7.0.8.7)
      activesupport (= 7.0.8.7)
    activerecord (7.0.8.7)
      activemodel (= 7.0.8.7)
      activesupport (= 7.0.8.7)
    activestorage (7.0.8.7)
      actionpack (= 7.0.8.7)
      activejob (= 7.0.8.7)
      activerecord (= 7.0.8.7)
      activesupport (= 7.0.8.7)
      marcel (~> 1.0)
      mini_mime (>= 1.1.0)
    activesupport (7.0.8.7)
      concurrent-ruby (~> 1.0, >= 1.0.2)
      i18n (>= 1.6, < 2)
      minitest (>= 5.1)
      tzinfo (~> 2.0)
    addressable (2.8.5)
      public_suffix (>= 2.0.2, < 6.0)
    ast (2.4.2)
    binding_of_caller (1.0.0)
      debug_inspector (>= 0.0.1)
    builder (3.2.4)
    coderay (1.1.3)
    concurrent-ruby (1.2.2)
    crass (1.0.6)
    date (3.3.3)
    debug_inspector (1.1.0)
    diff-lcs (1.5.0)
    erubi (1.12.0)
    gitlab-net-dns (0.9.2)
    gitlab-styles (10.1.0)
      rubocop (~> 1.50.2)
      rubocop-graphql (~> 0.18)
      rubocop-performance (~> 1.15)
      rubocop-rails (~> 2.17)
      rubocop-rspec (~> 2.22)
    globalid (1.2.1)
      activesupport (>= 6.1)
    i18n (1.12.0)
      concurrent-ruby (~> 1.0)
    json (2.6.3)
    loofah (2.21.4)
      crass (~> 1.0.2)
      nokogiri (>= 1.12.0)
    mail (2.8.1)
      mini_mime (>= 0.1.1)
      net-imap
      net-pop
      net-smtp
    marcel (1.0.2)
    method_source (1.0.0)
    mini_mime (1.1.5)
    mini_portile2 (2.8.7)
    minitest (5.17.0)
    net-imap (0.4.4)
      date
      net-protocol
    net-pop (0.1.2)
      net-protocol
    net-protocol (0.2.1)
      timeout
    net-smtp (0.4.0)
      net-protocol
    nio4r (2.5.9)
    nokogiri (1.16.8)
      mini_portile2 (~> 2.8.2)
      racc (~> 1.4)
    nokogiri (1.16.8-aarch64-linux)
      racc (~> 1.4)
    nokogiri (1.16.8-arm-linux)
      racc (~> 1.4)
    nokogiri (1.16.8-arm64-darwin)
      racc (~> 1.4)
    nokogiri (1.16.8-x86-linux)
      racc (~> 1.4)
    nokogiri (1.16.8-x86_64-darwin)
      racc (~> 1.4)
    nokogiri (1.16.8-x86_64-linux)
      racc (~> 1.4)
    parallel (1.22.1)
    parser (3.2.2.3)
      ast (~> 2.4.1)
      racc
    pg (1.5.4)
    proc_to_ast (0.1.0)
      coderay
      parser
      unparser
    pry (0.14.2)
      coderay (~> 1.1)
      method_source (~> 1.0)
    public_suffix (5.0.3)
    racc (1.8.1)
    rack (2.2.17)
    rack-test (2.1.0)
      rack (>= 1.3)
    rails (7.0.8.7)
      actioncable (= 7.0.8.7)
      actionmailbox (= 7.0.8.7)
      actionmailer (= 7.0.8.7)
      actionpack (= 7.0.8.7)
      actiontext (= 7.0.8.7)
      actionview (= 7.0.8.7)
      activejob (= 7.0.8.7)
      activemodel (= 7.0.8.7)
      activerecord (= 7.0.8.7)
      activestorage (= 7.0.8.7)
      activesupport (= 7.0.8.7)
      bundler (>= 1.15.0)
      railties (= 7.0.8.7)
    rails-dom-testing (2.2.0)
      activesupport (>= 5.0.0)
      minitest
      nokogiri (>= 1.6)
    rails-html-sanitizer (1.6.1)
      loofah (~> 2.21)
      nokogiri (>= 1.15.7, != 1.16.7, != 1.16.6, != 1.16.5, != 1.16.4, != 1.16.3, != 1.16.2, != 1.16.1, != 1.16.0.rc1, != 1.16.0)
    railties (7.0.8.7)
      actionpack (= 7.0.8.7)
      activesupport (= 7.0.8.7)
      method_source
      rake (>= 12.2)
      thor (~> 1.0)
      zeitwerk (~> 2.5)
    rainbow (3.1.1)
    rake (13.1.0)
    regexp_parser (2.7.0)
    request_store (1.5.1)
      rack (>= 1.4)
    rexml (3.3.9)
    rspec (3.12.0)
      rspec-core (~> 3.12.0)
      rspec-expectations (~> 3.12.0)
      rspec-mocks (~> 3.12.0)
    rspec-core (3.12.1)
      rspec-support (~> 3.12.0)
    rspec-expectations (3.12.2)
      diff-lcs (>= 1.2.0, < 2.0)
      rspec-support (~> 3.12.0)
    rspec-mocks (3.12.3)
      diff-lcs (>= 1.2.0, < 2.0)
      rspec-support (~> 3.12.0)
    rspec-parameterized (1.0.0)
      rspec-parameterized-core (< 2)
      rspec-parameterized-table_syntax (< 2)
    rspec-parameterized-core (1.0.0)
      parser
      proc_to_ast
      rspec (>= 2.13, < 4)
      unparser
    rspec-parameterized-table_syntax (1.0.1)
      binding_of_caller
      rspec-parameterized-core (< 2)
    rspec-rails (6.0.3)
      actionpack (>= 6.1)
      activesupport (>= 6.1)
      railties (>= 6.1)
      rspec-core (~> 3.12)
      rspec-expectations (~> 3.12)
      rspec-mocks (~> 3.12)
      rspec-support (~> 3.12)
    rspec-support (3.12.0)
    rubocop (1.50.2)
      json (~> 2.3)
      parallel (~> 1.10)
      parser (>= 3.2.0.0)
      rainbow (>= 2.2.2, < 4.0)
      regexp_parser (>= 1.8, < 3.0)
      rexml (>= 3.2.5, < 4.0)
      rubocop-ast (>= 1.28.0, < 2.0)
      ruby-progressbar (~> 1.7)
      unicode-display_width (>= 2.4.0, < 3.0)
    rubocop-ast (1.29.0)
      parser (>= 3.2.1.0)
    rubocop-capybara (2.18.0)
      rubocop (~> 1.41)
    rubocop-factory_bot (2.23.1)
      rubocop (~> 1.33)
    rubocop-graphql (0.19.0)
      rubocop (>= 0.87, < 2)
    rubocop-performance (1.18.0)
      rubocop (>= 1.7.0, < 2.0)
      rubocop-ast (>= 0.4.0)
    rubocop-rails (2.20.2)
      activesupport (>= 4.2.0)
      rack (>= 1.1)
      rubocop (>= 1.33.0, < 2.0)
    rubocop-rspec (2.22.0)
      rubocop (~> 1.33)
      rubocop-capybara (~> 2.17)
      rubocop-factory_bot (~> 2.22)
    ruby-progressbar (1.11.0)
    thor (1.3.0)
    timeout (0.4.0)
    tzinfo (2.0.6)
      concurrent-ruby (~> 1.0)
    unicode-display_width (2.4.2)
    unparser (0.6.8)
      diff-lcs (~> 1.3)
      parser (>= 3.2.0)
    websocket-driver (0.7.6)
      websocket-extensions (>= 0.1.0)
    websocket-extensions (0.1.5)
    zeitwerk (2.6.12)

PLATFORMS
  aarch64-linux
  arm-linux
  arm64-darwin
  ruby
  x86-linux
  x86_64-darwin
  x86_64-linux

DEPENDENCIES
  activerecord-gitlab!
  gitlab-database-load_balancing!
  gitlab-rspec!
  gitlab-safe_request_store!
  gitlab-styles (~> 10.1.0)
  gitlab-utils!
  pg (~> 1.5.4)
  pry
  rspec (~> 3.0)
  rspec-parameterized (~> 1.0)
  rspec-rails (~> 6.0.1)
  rubocop (~> 1.50)
  rubocop-rspec (~> 2.22)

CHECKSUMS
  actioncable (7.0.8.7) sha256=4034513841df2fd09dbbf38f37c1a00fc6c841122a8714e5d6916b8d6ce2f162
  actionmailbox (7.0.8.7) sha256=940eeaa3d8e85dcd9fc6069e39571e13c5a4bdb0db52c7ab96d14da81d6ac1c2
  actionmailer (7.0.8.7) sha256=8be8f9a2f8774af89822bc92e1ab6df10b3a2be59c75486a34e86a1f10d88d14
  actionpack (7.0.8.7) sha256=40e6b1d687904a4fd2285d1fa3aad3d9a9d9ba8fd8858dd0faa9f4673c3f5e2c
  actiontext (7.0.8.7) sha256=cb75d2db97d5b2c8caccdc0f643541df36c2c53f076a2d49b226f971d8d528a0
  actionview (7.0.8.7) sha256=be975bc9c61903fe5da80a97c345271159033bcbba63988c7f27b6b8b98f7fed
  activejob (7.0.8.7) sha256=eff4db3aeaee34863a47570089d11d5577ed0ea42b1475dc9be6a413be182a20
  activemodel (7.0.8.7) sha256=f13b04bb055c1e85b965ce40b0a2e671b8d97835083597bc7fbc04cde0f40a83
  activerecord (7.0.8.7) sha256=f94fc8510e58a18e462c5ee8862c9be75e2bfad0688e8d022b86a6e05df2a45a
  activerecord-gitlab (0.2.0)
  activestorage (7.0.8.7) sha256=ca411e73733a50983f44b0945bfd0612313beb3a8f914cd3a88e4fcd99399ef5
  activesupport (7.0.8.7) sha256=df4702375de924aae81709c831605317c5417f0bd9e502a0373ff84a067204ff
  addressable (2.8.5) sha256=63f0fbcde42edf116d6da98a9437f19dd1692152f1efa3fcc4741e443c772117
  ast (2.4.2) sha256=1e280232e6a33754cde542bc5ef85520b74db2aac73ec14acef453784447cc12
  binding_of_caller (1.0.0) sha256=3aad25d1d538fc6e7972978f9bf512ccd992784009947c81633bea776713161d
  builder (3.2.4) sha256=99caf08af60c8d7f3a6b004029c4c3c0bdaebced6c949165fe98f1db27fbbc10
  coderay (1.1.3) sha256=dc530018a4684512f8f38143cd2a096c9f02a1fc2459edcfe534787a7fc77d4b
  concurrent-ruby (1.2.2) sha256=3879119b8b75e3b62616acc256c64a134d0b0a7a9a3fcba5a233025bcde22c4f
  crass (1.0.6) sha256=dc516022a56e7b3b156099abc81b6d2b08ea1ed12676ac7a5657617f012bd45d
  date (3.3.3) sha256=819792019d5712b748fb15f6dfaaedef14b0328723ef23583ea35f186774530f
  debug_inspector (1.1.0) sha256=eaa5a2d0195e1d65fb4164e8e7e466cca2e7eb53bc5e608cf12b8bf02c3a8606
  diff-lcs (1.5.0) sha256=49b934001c8c6aedb37ba19daec5c634da27b318a7a3c654ae979d6ba1929b67
  erubi (1.12.0) sha256=27bedb74dfb1e04ff60674975e182d8ca787f2224f2e8143268c7696f42e4723
  gitlab-database-load_balancing (0.1.0)
  gitlab-net-dns (0.9.2) sha256=f726d978479d43810819f12a45c0906d775a07e34df111bbe693fffbbef3059d
  gitlab-rspec (0.1.0)
  gitlab-safe_request_store (0.1.0)
  gitlab-styles (10.1.0) sha256=f42745f5397d042fe24cf2d0eb56c995b37f9f43d8fb79b834d197a1cafdc84a
  gitlab-utils (0.1.0)
  globalid (1.2.1) sha256=70bf76711871f843dbba72beb8613229a49429d1866828476f9c9d6ccc327ce9
  i18n (1.12.0) sha256=91e3cc1b97616d308707eedee413d82ee021d751c918661fb82152793e64aced
  json (2.6.3) sha256=86aaea16adf346a2b22743d88f8dcceeb1038843989ab93cda44b5176c845459
  loofah (2.21.4) sha256=2c18cd5db9fd92a48a270344e57a5b84cf22d668b78e1481f10e4f2cde4eb734
  mail (2.8.1) sha256=ec3b9fadcf2b3755c78785cb17bc9a0ca9ee9857108a64b6f5cfc9c0b5bfc9ad
  marcel (1.0.2) sha256=a013b677ef46cbcb49fd5c59b3d35803d2ee04dd75d8bfdc43533fc5a31f7e4e
  method_source (1.0.0) sha256=d779455a2b5666a079ce58577bfad8534f571af7cec8107f4dce328f0981dede
  mini_mime (1.1.5) sha256=8681b7e2e4215f2a159f9400b5816d85e9d8c6c6b491e96a12797e798f8bccef
  mini_portile2 (2.8.7) sha256=13eef5ab459bbfd33d61e539564ec25a9c2cf593b0a5ea6d4d7ef8c19b162ee0
  minitest (5.17.0) sha256=c0dfaa3e99ed5ee3500c92bb114cf9d0d3c1e6995e162dd7b49970a9f0315ece
  net-imap (0.4.4) sha256=7e61f6260343db3b49cee914f411aae81bc3ea768938112e805f9c329b59bce7
  net-pop (0.1.2) sha256=848b4e982013c15b2f0382792268763b748cce91c9e91e36b0f27ed26420dff3
  net-protocol (0.2.1) sha256=21adb19c197768899c389bd257545de9d5af64adb1928787653460c2699eac37
  net-smtp (0.4.0) sha256=2d7eb8de289ba8dce3f0d436ee40b9366bea28354c5ba183c8ab2ec05139a3e7
  nio4r (2.5.9) sha256=0e9d160662fd38d5a26cfe75308f32dfebe4c0523bceaa86873838c93f3a2971
  nokogiri (1.16.8) sha256=dece4bf9a663b2d6b6e874716297ad414c95be694656972d54049bd088f752a1
  nokogiri (1.16.8-aarch64-linux) sha256=b1d41cd9abf4180adef496cc8c9fcb5b2e38d39f5e23c8a2445362226a5df6b8
  nokogiri (1.16.8-arm-linux) sha256=8cbd2971624fc073b9430d86475da031903494dcb83c2339e13f7f22a4de6fad
  nokogiri (1.16.8-arm64-darwin) sha256=b7aa4e8533a720e432d09b52a2ec089b55cf3ee66c916b44a0d9b6608df7bf8c
  nokogiri (1.16.8-x86-linux) sha256=f97760e6320166d48234029bed9e999521a888376bd2b7e04f4c054537154f16
  nokogiri (1.16.8-x86_64-darwin) sha256=6c40d7dc444f752634bf6ee8b53a55c3cfca3f9df52be46b8abcc559ccd49e47
  nokogiri (1.16.8-x86_64-linux) sha256=ed7b1f80713ac968dd93fe2b96fc3df6e448b73bd02dd77d5fc89ba92a1ed6d9
  parallel (1.22.1) sha256=ebdf1f0c51f182df38522f70ba770214940bef998cdb6e00f36492b29699761f
  parser (3.2.2.3) sha256=10685f358ab36ffea2252dc4952e5b8fad3a297a8152a85f59adc982747b91eb
  pg (1.5.4) sha256=04f7b247151c639a0b955d8e5a9a41541343f4640aa3c2bdf749a872c339d25d
  proc_to_ast (0.1.0) sha256=92a73fa66e2250a83f8589f818b0751bcf227c68f85916202df7af85082f8691
  pry (0.14.2) sha256=c4fe54efedaca1d351280b45b8849af363184696fcac1c72e0415f9bdac4334d
  public_suffix (5.0.3) sha256=337d475da2bd2ea1de0446751cb972ad43243b4b00aa8cf91cb904fa593d3259
  racc (1.8.1) sha256=4a7f6929691dbec8b5209a0b373bc2614882b55fc5d2e447a21aaa691303d62f
  rack (2.2.17) sha256=5fe02a1ca80d6fb2271dba00985ee2962d6f5620b6f46dfed89f5301ac4699dd
  rack-test (2.1.0) sha256=0c61fc61904049d691922ea4bb99e28004ed3f43aa5cfd495024cc345f125dfb
  rails (7.0.8.7) sha256=5e67ed4dd915746349bfb8c7ae2f531d3a36eb68fbe2f60ede02a0500715cded
  rails-dom-testing (2.2.0) sha256=e515712e48df1f687a1d7c380fd7b07b8558faa26464474da64183a7426fa93b
  rails-html-sanitizer (1.6.1) sha256=e3d2fb10339f03b802e39c7f6cac28c54fd404d3f65ae39c31cca9d150c5cbf0
  railties (7.0.8.7) sha256=1ab985280b02bc4b176d36e1011148db600b763c646e3de88c02a665d864505f
  rainbow (3.1.1) sha256=039491aa3a89f42efa1d6dec2fc4e62ede96eb6acd95e52f1ad581182b79bc6a
  rake (13.1.0) sha256=be6a3e1aa7f66e6c65fa57555234eb75ce4cf4ada077658449207205474199c6
  regexp_parser (2.7.0) sha256=f8b8b7f34cc53c907fad6aec2b9da996a4311a0ddd92f3bfd3b999de5420c234
  request_store (1.5.1) sha256=07a204d161590789f2b1d27f9f0eadcdecd6d868cb2f03240250e1bc747df78e
  rexml (3.3.9) sha256=d71875b85299f341edf47d44df0212e7658cbdf35aeb69cefdb63f57af3137c9
  rspec (3.12.0) sha256=ccc41799a43509dc0be84070e3f0410ac95cbd480ae7b6c245543eb64162399c
  rspec-core (3.12.1) sha256=2e40c265f71eeb7caa4cac57106a715d2cd9caddc550bd9a4e632f4a372b4435
  rspec-expectations (3.12.2) sha256=8652db70b25ae3378b7274477a906b6ad1833a7b7cfbb001a03f49dd1c1d6a0d
  rspec-mocks (3.12.3) sha256=cc0a1176707e641a2c66c71fe769486fec57d7df8ec7e34320f8957a1363026b
  rspec-parameterized (1.0.0) sha256=9c07b043c72afbd23dd9a1dd48c06f46bc2fb1a6d875c6703e254932ba28b386
  rspec-parameterized-core (1.0.0) sha256=287b494985e79821160af63aba4f91db8dbfa9a21cb200db34ba38f40e16ccc1
  rspec-parameterized-table_syntax (1.0.1) sha256=ffead8f21f0711b3cdf8b74386f2ef7ac93b39c40b60658a5eda97072580f2fc
  rspec-rails (6.0.3) sha256=6d1812cfaf18dba5a08d7e30c85149b24a220fae064853a96e451376be6fd820
  rspec-support (3.12.0) sha256=dd4d44b247ff679b95b5607ac5641d197a5f9b1d33f916123cb98fc5f917c58b
  rubocop (1.50.2) sha256=7cfeb0616f686ac61d049beae89f31446792d7e9f5728152657548f70aa78650
  rubocop-ast (1.29.0) sha256=d1da2ab279a074baefc81758ac430c5768a8da8c7438dd4e5819ce5984d00ba1
  rubocop-capybara (2.18.0) sha256=66b256755101f76dc455ba9694e2414bc957db5200401d204b00bc835401d605
  rubocop-factory_bot (2.23.1) sha256=c19ee30c02e591f4293c07e943e22b7999c545d5010aac4d79621ee310850c4f
  rubocop-graphql (0.19.0) sha256=ba4b2fc91c9f0fda47e0870a6ae15a1e5525d6caffcb150dc88b00caaacc3e43
  rubocop-performance (1.18.0) sha256=4c9d74f1b5bfaffb5b1cdb843279364198ac804e2644ae194615834dd011e02e
  rubocop-rails (2.20.2) sha256=d20cbd613900fa22bcf85a7fba78ab68b21fc4f90b1e73c97284d40674332417
  rubocop-rspec (2.22.0) sha256=2d7493222c81c78ad304ddd81aaf64b3543bcfac6d3d8706c220331921753a03
  ruby-progressbar (1.11.0) sha256=cc127db3866dc414ffccbf92928a241e585b3aa2b758a5563e74a6ee0f57d50a
  thor (1.3.0) sha256=1adc7f9e5b3655a68c71393fee8bd0ad088d14ee8e83a0b73726f23cbb3ca7c3
  timeout (0.4.0) sha256=cd6d1f3e83594a90ac1f3de8235399bff87112d97fec928ee2b77de240dd2cb5
  tzinfo (2.0.6) sha256=8daf828cc77bcf7d63b0e3bdb6caa47e2272dcfaf4fbfe46f8c3a9df087a829b
  unicode-display_width (2.4.2) sha256=6a10205d1a19ca790c4e53064ba93f09d9eb234bf6bd135d9deb6001c21428be
  unparser (0.6.8) sha256=38262636be6aed919586eca4334140eb08c06bc5978e66e4693103384733c13c
  websocket-driver (0.7.6) sha256=f69400be7bc197879726ad8e6f5869a61823147372fd8928836a53c2c741d0db
  websocket-extensions (0.1.5) sha256=1c6ba63092cda343eb53fc657110c71c754c56484aad42578495227d717a8241
  zeitwerk (2.6.12) sha256=561e12975d0332fd3b62cc859aff3bab432e5f320689c8a10cd4674b5c0439be

BUNDLED WITH
   2.6.5
